PATH
  remote: .
  specs:
    mailshield (0.1.1)

GEM
  remote: https://rubygems.org/
  specs:
    rake (13.2.1)

PLATFORMS
  ruby
  x86_64-linux

DEPENDENCIES
  mailshield!
  rake (~> 13.0)

BUNDLED WITH
   2.5.11
